PATH
  remote: .
  specs:
    autoruby_text (0.1.0)
      natto (>= 1.2, < 2.0)

GEM
  remote: https://rubygems.org/
  specs:
    ffi (1.15.5)
    natto (1.2.0)
      ffi (>= 1.9.0)
    rake (13.0.6)

PLATFORMS
  arm64-darwin-21

DEPENDENCIES
  autoruby_text!
  rake (~> 13.0)

BUNDLED WITH
   2.3.20
